GIT
  remote: https://github.com/mlintern/nretnil-password
  revision: 15f62cee7c4d03c87d5e98668933e3f5e4d16463
  specs:
    nretnil-password (0.0.2)

GEM
  remote: https://rubygems.org/
  specs:

PLATFORMS
  ruby

DEPENDENCIES
  nretnil-password!
