GIT
  remote: https://github.com/mlintern/nretnil-password
  revision: c2f19bec2cb55aecb97dc5d65b30bfa20c1ebf8e
  specs:
    nretnil-password (0.0.3)

GEM
  remote: https://rubygems.org/
  specs:

PLATFORMS
  ruby

DEPENDENCIES
  nretnil-password!
