GIT
  remote: https://github.com/mlintern/nretnil-password
  revision: 0c4bc3c137e469af98fc3681390bf0e469e5da11
  specs:
    nretnil-password (0.0.1)

GEM
  remote: https://rubygems.org/
  specs:

PLATFORMS
  ruby

DEPENDENCIES
  nretnil-password!
